GEM
  remote: https://rubygems.org/
  specs:
    chunky_png (1.3.10)
    doubleVision (0.0.1)
      chunky_png

PLATFORMS
  ruby
  x64-mingw32

DEPENDENCIES
  doubleVision

BUNDLED WITH
   2.1.4
